GEM
  remote: https://rubygems.org/
  specs:
    addressable (2.3.5)
    armor (0.0.2)
    bigdecimal (1.2.0)
    cheat (1.3.3)
      pager
    clap (1.0.0)
    cuba (3.1.0)
      rack
    cuba-contrib (3.1.0)
      cuba
    cutest (1.2.0)
    dep (1.0.6)
    excon (0.25.3)
    gemfile (0.0.2)
    gn (0.1.4)
      clap
      mote
    gs (0.2.0)
    heroku (2.40.0)
      heroku-api
      launchy
      netrc
      rest-client
      rubyzip
    heroku-api (0.3.14)
      excon
    io-console (0.4.2)
    json (1.7.7)
    launchy (2.3.0)
      addressable
    mailfactory (1.4.0)
      mime-types
    malone (1.0.4)
      mailfactory
    mime-types (1.23)
    minitest (4.3.2)
    mote (1.1.2)
    mt (0.0.2)
    multi_json (1.8.0)
    nest (1.1.2)
      redis
    netrc (0.7.7)
    nobi (0.0.1)
    ohm (1.3.2)
      nest
      redis
      scrivener
    ohm-contrib (1.2)
      ohm
    ost (0.1.5)
      nest
    pager (1.0.1)
    psych (2.0.0)
    rack (1.5.2)
    rack-protection (1.5.0)
      rack
    rack-test (0.6.2)
      rack
    rake (0.9.6)
    rdoc (4.0.0)
    redis (3.0.4)
    requests (0.0.6)
    rest-client (1.6.7)
      mime-types
    rubyzip (0.9.9)
    sc (0.0.1)
    scrivener (0.0.3)
    shield (2.1.0, 2.0.0)
      armor
      armor
    shotgun (0.9)
      rack
    stripe (1.8.7)
      multi_json
      rest-client
    test-unit (2.0.0.0)
    tilt (1.4.1)
PLATFORMS
  ruby

DEPENDENCIES
  cuba (= 3.1.0)
  mote (= 1.1.2)
  cuba-contrib (= 3.1.0)
  rack-protection (= 1.5.0)
  ohm (= 1.3.2)
  rack-test (= 0.6.2)
  requests (= 0.0.6)
  malone (= 1.0.4)
  ohm-contrib (= 1.2)
  nobi (= 0.0.1)
  stripe (= 1.8.7)
  shield (= 2.1.0)
  ost (= 0.1.5)
